GIT
  remote: git://github.com/mojolingo/sippy_cup.git
  revision: 540f6573e0f547eb50542abca6574fa6098fb910
  specs:
    sippy_cup (0.7.2)
      activesupport (>= 3.0)
      nokogiri (~> 1.6.0)
      packetfu
      psych (~> 2.0.1)

GEM
  remote: https://rubygems.org/
  specs:
    activesupport (5.0.0.1)
      concurrent-ruby (~> 1.0, >= 1.0.2)
      i18n (~> 0.7)
      minitest (~> 5.1)
      tzinfo (~> 1.1)
    concurrent-ruby (1.0.2)
    i18n (0.7.0)
    mini_portile2 (2.1.0)
    minitest (5.9.0)
    network_interface (0.0.1)
    nokogiri (1.6.8)
      mini_portile2 (~> 2.1.0)
      pkg-config (~> 1.1.7)
    packetfu (1.1.11)
      network_interface (~> 0.0)
      pcaprub (~> 0.12)
    pcaprub (0.12.4)
    pkg-config (1.1.7)
    psych (2.0.17)
    thread_safe (0.3.5)
    tzinfo (1.2.2)
      thread_safe (~> 0.1)

PLATFORMS
  ruby

DEPENDENCIES
  sippy_cup!

RUBY VERSION
   ruby 2.3.1p112

BUNDLED WITH
   1.12.5
